GEM
  remote: https://rubygems.org/
  specs:
    webrick (1.6.1)

PLATFORMS
  ruby

DEPENDENCIES
  webrick

BUNDLED WITH
   1.16.1
